PATH
  remote: .
  specs:
    layabout (0.0.1)
      httpi (~> 2.1.1)
      multipart-post (~> 1.1.0)

GEM
  remote: https://rubygems.org/
  specs:
    addressable (2.3.6)
    coderay (1.1.0)
    crack (0.4.2)
      safe_yaml (~> 1.0.0)
    diff-lcs (1.2.5)
    httpi (2.1.1)
      rack
      rubyntlm (~> 0.3.2)
    method_source (0.8.2)
    multipart-post (1.1.5)
    pry (0.10.1)
      coderay (~> 1.1.0)
      method_source (~> 0.8.1)
      slop (~> 3.4)
    rack (1.5.2)
    rspec (3.1.0)
      rspec-core (~> 3.1.0)
      rspec-expectations (~> 3.1.0)
      rspec-mocks (~> 3.1.0)
    rspec-core (3.1.4)
      rspec-support (~> 3.1.0)
    rspec-expectations (3.1.1)
      diff-lcs (>= 1.2.0, < 2.0)
      rspec-support (~> 3.1.0)
    rspec-mocks (3.1.1)
      rspec-support (~> 3.1.0)
    rspec-support (3.1.0)
    rubyntlm (0.3.4)
    safe_yaml (1.0.3)
    slop (3.6.0)
    vcr (2.9.3)
    webmock (1.18.0)
      addressable (>= 2.3.6)
      crack (>= 0.3.2)

PLATFORMS
  ruby

DEPENDENCIES
  layabout!
  pry
  rspec (~> 3.1.0, >= 3.1.0)
  vcr (~> 2.9.0, >= 2.9.0)
  webmock (~> 1.18.0, >= 1.18.0)
